GIT
  remote: git://github.com/acrmp/foodcritic.git
  revision: cae36b3f399f3127af4a5b17726190ad0c59634b
  specs:
    foodcritic (4.0.0)
      erubis
      gherkin (~> 2.11)
      nokogiri (>= 1.5, < 2.0)
      rake
      rufus-lru (~> 1.0)
      treetop (~> 1.4)
      yajl-ruby (~> 1.1)

GIT
  remote: git://github.com/drnic/bosh_vcloud_cpi.git
  revision: bc7b9b77faa16d446f7f51e5bdfc5930c5c5a9bd
  branch: nokogiri
  specs:
    bosh_vcloud_cpi (0.7.2)
      bosh_common
      bosh_cpi
      builder (~> 3.1.4)
      httpclient (~> 2.4.0)
      membrane
      nokogiri (>= 1.5, < 2.0)
      rest-client (~> 1.6.7)
      yajl-ruby (>= 0.8.2)

GIT
  remote: https://github.com/drnic/flattened_bosh_for_traveling_bosh.git
  revision: cf2ef1fa7ba5e19aaffc465c84bac714572f3af9
  specs:
    bosh-registry (1.2809.0)
      aws-sdk (= 1.44.0)
      fog (~> 1.23.0)
      sequel (~> 3.43.0)
      sinatra (~> 1.4.2)
      thin (~> 1.6.0)
      yajl-ruby (~> 1.2.0)
    bosh_cli_plugin_micro (1.2809.0)
      agent_client (~> 1.2809.0)
      blobstore_client (~> 1.2809.0)
      bosh-director-core (~> 1.2809.0)
      bosh-registry (~> 1.2809.0)
      bosh-stemcell (~> 1.2809.0)
      bosh_aws_cpi (~> 1.2809.0)
      bosh_cli (~> 1.2809.0)
      bosh_cpi (~> 1.2809.0)
      bosh_openstack_cpi (~> 1.2809.0)
      bosh_vcloud_cpi
      bosh_vsphere_cpi (~> 1.2809.0)
      mono_logger (~> 1.1.0)
      sqlite3 (~> 1.3.7)
    bosh_vsphere_cpi (1.2809.0)
      bosh_common (~> 1.2809.0)
      bosh_cpi (~> 1.2809.0)
      builder (~> 3.1.4)
      httpclient (= 2.4.0)
      membrane (~> 1.1.0)
      mysql2 (~> 0.3.11)
      nokogiri (>= 1.5.10, < 2.0)
      pg (~> 0.15.1)
      sequel (~> 3.43.0)

GEM
  remote: https://rubygems.org/
  specs:
    agent_client (1.2809.0)
      httpclient (= 2.4.0)
      yajl-ruby (~> 1.2.0)
    aws-sdk (1.44.0)
      json (~> 1.4)
      nokogiri (>= 1.4.4)
    blobstore_client (1.2809.0)
      aws-sdk (= 1.44.0)
      bosh_common (~> 1.2809.0)
      fog (~> 1.23.0)
      httpclient (= 2.4.0)
      multi_json (~> 1.1)
      ruby-atmos-pure (~> 1.0.5)
    bosh-bootstrap (0.15.0)
      bosh_cli_plugin_micro
      cyoi (~> 0.11)
      fog (~> 1.11)
      httpclient (= 2.4.0)
      rbvmomi
      readwritesettings (~> 3.0)
      redcard
      thor (~> 0.18)
    bosh-director-core (1.2809.0)
      bosh-template (~> 1.2809.0)
      bosh_common (~> 1.2809.0)
    bosh-stemcell (1.2809.0)
      bosh_aws_cpi (~> 1.2809.0)
    bosh-template (1.2809.0)
      semi_semantic (~> 1.1.0)
    bosh-workspace (0.8.5)
      bosh_cli (>= 1.2682.0)
      bosh_common (>= 1.2682.0)
      git (~> 1.2.6)
      membrane (~> 1.1.0)
      semi_semantic (~> 1.1.0)
    bosh_aws_cpi (1.2809.0)
      aws-sdk (= 1.44.0)
      bosh-registry (~> 1.2809.0)
      bosh_common (~> 1.2809.0)
      bosh_cpi (~> 1.2809.0)
      httpclient (= 2.4.0)
      yajl-ruby (>= 0.8.2)
    bosh_cli (1.2809.0)
      blobstore_client (~> 1.2809.0)
      bosh-template (~> 1.2809.0)
      bosh_common (~> 1.2809.0)
      highline (~> 1.6.2)
      httpclient (= 2.4.0)
      json_pure (~> 1.7)
      minitar (~> 0.5.4)
      net-scp (~> 1.1.0)
      net-ssh (>= 2.2.1)
      net-ssh-gateway (~> 1.2.0)
      netaddr (~> 1.5.0)
      progressbar (~> 0.9.0)
      terminal-table (~> 1.4.3)
    bosh_cli_plugin_consul (0.1.0)
      bosh_cli
      rest_client
    bosh_common (1.2809.0)
      logging (~> 1.8.2)
      semi_semantic (~> 1.1.0)
    bosh_cpi (1.2809.0)
      bosh_common (~> 1.2809.0)
      logging (~> 1.8.2)
      membrane (~> 1.1.0)
    bosh_openstack_cpi (1.2809.0)
      bosh-registry (~> 1.2809.0)
      bosh_common (~> 1.2809.0)
      bosh_cpi (~> 1.2809.0)
      fog (~> 1.23.0)
      httpclient (= 2.4.0)
      membrane (~> 1.1.0)
      yajl-ruby (>= 0.8.2)
    builder (3.1.4)
    cyoi (0.11.2)
      fog
      highline (~> 1.6)
      readwritesettings (~> 3.0)
    daemons (1.1.9)
    erubis (2.7.0)
    eventmachine (1.0.4)
    excon (0.42.1)
    fog (1.23.0)
      fog-brightbox
      fog-core (~> 1.23)
      fog-json
      fog-softlayer
      ipaddress (~> 0.5)
      nokogiri (~> 1.5, >= 1.5.11)
    fog-brightbox (0.7.1)
      fog-core (~> 1.22)
      fog-json
      inflecto (~> 0.0.2)
    fog-core (1.27.2)
      builder
      excon (~> 0.38)
      formatador (~> 0.2)
      mime-types
      net-scp (~> 1.1)
      net-ssh (>= 2.1.3)
    fog-json (1.0.0)
      multi_json (~> 1.0)
    fog-softlayer (0.3.26)
      fog-core
      fog-json
    formatador (0.2.5)
    gherkin (2.12.2)
      multi_json (~> 1.3)
    git (1.2.8)
    highline (1.6.21)
    httpclient (2.4.0)
    inflecto (0.0.2)
    ipaddress (0.8.0)
    json (1.8.1)
    json_pure (1.8.1)
    little-plugger (1.1.3)
    log4r (1.1.10)
    logging (1.8.2)
      little-plugger (>= 1.1.3)
      multi_json (>= 1.8.4)
    membrane (1.1.0)
    mime-types (1.25.1)
    mini_portile (0.6.2)
    minitar (0.5.4)
    mono_logger (1.1.0)
    multi_json (1.10.1)
    mysql2 (0.3.17)
    net-scp (1.1.2)
      net-ssh (>= 2.6.5)
    net-ssh (2.9.1)
    net-ssh-gateway (1.2.0)
      net-ssh (>= 2.6.5)
    netaddr (1.5.0)
    netrc (0.7.9)
    nokogiri (1.6.5)
      mini_portile (~> 0.6.0)
    pg (0.15.1)
    polyglot (0.3.5)
    progressbar (0.9.2)
    rack (1.6.0)
    rack-protection (1.5.3)
      rack
    rake (10.4.2)
    rbvmomi (1.8.2)
      builder
      nokogiri (>= 1.4.1)
      trollop
    rdoc (4.2.0)
      json (~> 1.4)
    readwritesettings (3.0.1)
    redcard (1.1.0)
    rest-client (1.6.8)
      mime-types (~> 1.16)
      rdoc (>= 2.4.2)
    rest_client (1.8.3)
      netrc (~> 0.7.7)
    ruby-atmos-pure (1.0.5)
      log4r (>= 1.1.9)
      ruby-hmac (>= 0.4.0)
    ruby-hmac (0.4.0)
    rufus-lru (1.0.5)
    semi_semantic (1.1.0)
    sequel (3.43.0)
    sinatra (1.4.5)
      rack (~> 1.4)
      rack-protection (~> 1.4)
      tilt (~> 1.3, >= 1.3.4)
    sqlite3 (1.3.9)
    terminal-table (1.4.5)
    thin (1.6.3)
      daemons (~> 1.0, >= 1.0.9)
      eventmachine (~> 1.0)
      rack (~> 1.0)
    thor (0.19.1)
    tilt (1.4.1)
    traveling_bosh_cli_plugin (1.0.0)
    treetop (1.5.3)
      polyglot (~> 0.3)
    trollop (2.1.1)
    yajl-ruby (1.2.1)

PLATFORMS
  ruby

DEPENDENCIES
  bosh-bootstrap
  bosh-registry!
  bosh-workspace (>= 0.8.5)
  bosh_cli_plugin_consul
  bosh_cli_plugin_micro!
  bosh_vcloud_cpi!
  bosh_vsphere_cpi!
  eventmachine (= 1.0.4)
  foodcritic!
  nokogiri (= 1.6.5)
  rake
  sqlite3 (= 1.3.9)
  thin (= 1.6.3)
  traveling_bosh_cli_plugin
  yajl-ruby (= 1.2.1)
